GEM
  remote: http://rubygems.org/
  specs:
    autoprefixer-rails (6.3.6)
      execjs
    colorator (0.1)
    execjs (2.6.0)
    ffi (1.9.10)
    jekyll (3.1.3)
      colorator (~> 0.1)
      jekyll-sass-converter (~> 1.0)
      jekyll-watch (~> 1.1)
      kramdown (~> 1.3)
      liquid (~> 3.0)
      mercenary (~> 0.3.3)
      rouge (~> 1.7)
      safe_yaml (~> 1.0)
    jekyll-sass-converter (1.4.0)
      sass (~> 3.4)
    jekyll-watch (1.4.0)
      listen (~> 3.0, < 3.1)
    kramdown (1.11.1)
    liquid (3.0.6)
    listen (3.0.7)
      rb-fsevent (>= 0.9.3)
      rb-inotify (>= 0.9.7)
    mercenary (0.3.6)
    octopress-autoprefixer (2.0.0)
      autoprefixer-rails
      jekyll (~> 3.0)
    rb-fsevent (0.9.7)
    rb-inotify (0.9.7)
      ffi (>= 0.5.0)
    rouge (1.10.1)
    safe_yaml (1.0.4)
    sass (3.4.22)

PLATFORMS
  ruby

DEPENDENCIES
  jekyll (~> 3.1, >= 3.1.3)
  octopress-autoprefixer (~> 2.0)

BUNDLED WITH
   1.11.2
